GIT
  remote: https://github.com/mikeyhew/parslet
  revision: a98882013b42c6c7b188455ebfda7eab82666c43
  branch: ignore-whitespace
  specs:
    parslet (1.7.1)

GEM
  specs:
    coderay (1.1.1)
    method_source (0.8.2)
    pry (0.10.4)
      coderay (~> 1.1.0)
      method_source (~> 0.8.1)
      slop (~> 3.4)
    slop (3.6.0)

PLATFORMS
  ruby

DEPENDENCIES
  parslet!
  pry

RUBY VERSION
   ruby 2.3.1p112

BUNDLED WITH
   1.13.5
